GEM
  remote: http://rubygems.org/
  specs:
    json (1.8.1)
    mini_portile (0.5.2)
    nokogiri (1.6.1)
      mini_portile (~> 0.5.0)
    open4 (1.3.0)

PLATFORMS
  ruby

DEPENDENCIES
  json
  nokogiri
  open4
